GEM
  remote: https://rubygems.org/
  specs:
    git (1.3.0)
    hiera (3.4.2)

PLATFORMS
  ruby

DEPENDENCIES
  git (~> 1.3.0)
  hiera (~> 3.4.0)

BUNDLED WITH
   1.15.4
